GEM
  remote: https://rubygems.org/
  specs:
    mustermann (1.0.3)
    puma (3.8.2)
    rack (2.0.8)
    rack-protection (2.0.7)
      rack
    sinatra (2.0.7)
      mustermann (~> 1.0)
      rack (~> 2.0)
      rack-protection (= 2.0.7)
      tilt (~> 2.0)
    tilt (2.0.10)

PLATFORMS
  ruby

DEPENDENCIES
  puma
  sinatra (>= 2.0.0)

BUNDLED WITH
   1.17.3
