GEM
  remote: https://rubygems.org/
  specs:
    mustermann (1.0.1)
    nio4r (2.5.7)
    puma (5.3.1)
      nio4r (~> 2.0)
    rack (2.0.3)
    rack-protection (2.0.0)
      rack
    sinatra (2.0.0)
      mustermann (~> 1.0)
      rack (~> 2.0)
      rack-protection (= 2.0.0)
      tilt (~> 2.0)
    tilt (2.0.8)

PLATFORMS
  ruby

DEPENDENCIES
  puma (>= 4.3.8)
  sinatra

BUNDLED WITH
   1.17.3
