GEM
  remote: https://rubygems.org/
  specs:
    mustermann (1.0.2)
    puma (3.8.2)
    rack (2.0.5)
    rack-protection (2.0.2)
      rack
    sinatra (2.0.2)
      mustermann (~> 1.0)
      rack (~> 2.0)
      rack-protection (= 2.0.2)
      tilt (~> 2.0)
    tilt (2.0.8)

PLATFORMS
  ruby

DEPENDENCIES
  puma
  sinatra (>= 2.0.2)

BUNDLED WITH
   1.16.1
